GEM
  remote: https://rubygems.org/
  specs:
    bcrypt (3.1.19)
    datadog-ci (0.3.0)
      msgpack
    ddtrace (1.16.2)
      datadog-ci (~> 0.3.0)
      debase-ruby_core_source (= 3.2.2)
      libdatadog (~> 5.0.0.1.0)
      libddwaf (~> 1.14.0.0.0)
      msgpack
    debase-ruby_core_source (3.2.2)
    ffi (1.16.3)
    libdatadog (5.0.0.1.0)
    libddwaf (1.14.0.0.0)
      ffi (~> 1.0)
    msgpack (1.7.2)
    multi_json (1.15.0)
    mustermann (3.0.0)
      ruby2_keywords (~> 0.0.1)
    mysql2 (0.5.5)
    mysql2-cs-bind (0.1.1)
      mysql2
    nio4r (2.5.9)
    puma (6.4.0)
      nio4r (~> 2.0)
    rack (2.2.8)
    rack-protection (3.1.0)
      rack (~> 2.2, >= 2.2.4)
    ruby2_keywords (0.0.5)
    sinatra (3.1.0)
      mustermann (~> 3.0)
      rack (~> 2.2, >= 2.2.4)
      rack-protection (= 3.1.0)
      tilt (~> 2.0)
    sinatra-contrib (3.1.0)
      multi_json
      mustermann (~> 3.0)
      rack-protection (= 3.1.0)
      sinatra (= 3.1.0)
      tilt (~> 2.0)
    tilt (2.3.0)

PLATFORMS
  ruby

DEPENDENCIES
  bcrypt
  datadog-ci (= 0.3.0)
  ddtrace (= 1.16.2)
  debase-ruby_core_source (= 3.2.2)
  ffi (= 1.16.3)
  libdatadog (= 5.0.0.1.0)
  libddwaf (= 1.14.0.0.0)
  msgpack (= 1.7.2)
  mysql2
  mysql2-cs-bind
  puma
  sinatra
  sinatra-contrib

BUNDLED WITH
   2.4.10
